GEM
  remote: https://rubygems.org/
  specs:
    csv (3.1.9)
    geocoder (1.6.1)
    json5 (0.0.1)

PLATFORMS
  ruby

DEPENDENCIES
  csv (~> 3.1.9)
  geocoder (~> 1.6.1)
  json5 (~> 0.0.1)

BUNDLED WITH
   2.0.2
